GEM
  remote: http://rubygems.org/
  specs:
    json (1.7.3)
    latex-to-unicode (0.1.1)
    rack (1.4.1)
    rack-protection (1.2.0)
      rack
    sinatra (1.3.2)
      rack (~> 1.3, >= 1.3.6)
      rack-protection (~> 1.2)
      tilt (~> 1.3, >= 1.3.3)
    tilt (1.3.3)

PLATFORMS
  ruby

DEPENDENCIES
  json
  latex-to-unicode
  sinatra
